GEM
  remote: https://rubygems.org/
  specs:
    dotenv (2.8.1)

PLATFORMS
  arm64-darwin-23

DEPENDENCIES
  dotenv (~> 2.8)

BUNDLED WITH
   2.4.10
